GEM
  remote: https://rubygems.org/
  specs:
    fiddle (1.1.1)
    memory_profiler (1.0.1)
    ruby-prof (1.4.3)

PLATFORMS
  x86_64-linux

DEPENDENCIES
  fiddle
  memory_profiler
  ruby-prof

BUNDLED WITH
   2.3.22
